GEM
  remote: http://rubygems.org/
  specs:
    albacore (2.3.15)
      map (~> 6.5)
      nokogiri (~> 1.5)
      rake (~> 10)
      semver2 (~> 3.4)
    map (6.5.5)
    mini_portile2 (2.5.0)
    nokogiri (1.11.2)
      mini_portile2 (~> 2.5.0)
      racc (~> 1.4)
    nokogiri (1.11.2-x86-mingw32)
      racc (~> 1.4)
    racc (1.5.2)
    rake (10.1.0)
    semver2 (3.4.1)
    version_bumper (0.3.0)

PLATFORMS
  ruby
  x86-mingw32

DEPENDENCIES
  albacore
  rake
  version_bumper
